PATH
  remote: .
  specs:
    schedule-cli (0.1.0)

GEM
  remote: https://rubygems.org/
  specs:
    rake (10.5.0)

PLATFORMS
  ruby

DEPENDENCIES
  bundler (~> 1.16)
  rake (~> 10.0)
  schedule-cli!

BUNDLED WITH
   1.16.2
